PATH
  remote: .
  specs:
    flow_ruby (0.1.0)
      grpc
      json

GEM
  remote: https://rubygems.org/
  specs:
    ast (2.4.2)
    google-protobuf (3.15.6-universal-darwin)
    googleapis-common-protos-types (1.0.6)
      google-protobuf (~> 3.14)
    grpc (1.36.0-universal-darwin)
      google-protobuf (~> 3.14)
      googleapis-common-protos-types (~> 1.0)
    grpc-tools (1.36.0)
    json (2.5.1)
    minitest (5.14.4)
    parallel (1.20.1)
    parser (3.0.0.0)
      ast (~> 2.4.1)
    rainbow (3.0.0)
    rake (13.0.3)
    regexp_parser (2.1.1)
    rexml (3.2.4)
    rubocop (1.11.0)
      parallel (~> 1.10)
      parser (>= 3.0.0.0)
      rainbow (>= 2.2.2, < 4.0)
      regexp_parser (>= 1.8, < 3.0)
      rexml
      rubocop-ast (>= 1.2.0, < 2.0)
      ruby-progressbar (~> 1.7)
      unicode-display_width (>= 1.4.0, < 3.0)
    rubocop-ast (1.4.1)
      parser (>= 2.7.1.5)
    ruby-progressbar (1.11.0)
    unicode-display_width (2.0.0)

PLATFORMS
  x86_64-darwin-20

DEPENDENCIES
  flow_ruby!
  grpc-tools
  minitest (~> 5.0)
  rake (~> 13.0)
  rubocop (~> 1.7)

BUNDLED WITH
   2.2.11
